GEM
  remote: https://rubygems.org/
  specs:
    cinch (2.1.0)
    mini_portile2 (2.4.0)
    nokogiri (1.10.10)
      mini_portile2 (~> 2.4.0)

PLATFORMS
  ruby

DEPENDENCIES
  cinch
  nokogiri
